PATH
  remote: .
  specs:
    spree (2.0.0.beta)
      spree_api (= 2.0.0.beta)
      spree_backend (= 2.0.0.beta)
      spree_cmd (= 2.0.0.beta)
      spree_core (= 2.0.0.beta)
      spree_dash (= 2.0.0.beta)
      spree_frontend (= 2.0.0.beta)
      spree_sample (= 2.0.0.beta)
    spree_api (2.0.0.beta)
      rabl (= 0.7.2)
      spree_core (= 2.0.0.beta)
      versioncake (= 0.4.0)
    spree_backend (2.0.0.beta)
      deface (>= 0.9.0)
      jquery-rails (~> 2.0)
      rails (~> 3.2.8)
      select2-rails (~> 3.2)
      spree_api (= 2.0.0.beta)
      spree_core (= 2.0.0.beta)
      stringex (~> 1.3.2)
    spree_cmd (2.0.0.beta)
      thor (>= 0.14.6)
    spree_core (2.0.0.beta)
      activemerchant (~> 1.31)
      acts_as_list (= 0.1.9)
      awesome_nested_set (= 2.1.5)
      aws-sdk (~> 1.3.4)
      cancan (= 1.6.8)
      deface (>= 0.9.0)
      ffaker (~> 1.15.0)
      highline (= 1.6.18)
      httparty (= 0.9.0)
      json (>= 1.5.5)
      kaminari (= 0.13.0)
      money (= 5.1.1)
      paperclip (~> 2.8.0)
      rails (~> 3.2.13)
      ransack (= 0.7.2)
      state_machine (= 1.2.0)
      stringex (~> 1.3.2)
      truncate_html (= 0.9.2)
    spree_dash (2.0.0.beta)
      httparty (~> 0.9.0)
      spree_backend (= 2.0.0.beta)
      spree_frontend (= 2.0.0.beta)
    spree_frontend (2.0.0.beta)
      deface (>= 0.9.0)
      jquery-rails (~> 2.2.1)
      rails (~> 3.2.8)
      select2-rails (~> 3.2)
      spree_api (= 2.0.0.beta)
      spree_core (= 2.0.0.beta)
      stringex (~> 1.3.2)
    spree_sample (2.0.0.beta)
      spree_core (= 2.0.0.beta)

GEM
  remote: http://rubygems.org/
  specs:
    actionmailer (3.2.13)
      actionpack (= 3.2.13)
      mail (~> 2.5.3)
    actionpack (3.2.13)
      activemodel (= 3.2.13)
      activesupport (= 3.2.13)
      builder (~> 3.0.0)
      erubis (~> 2.7.0)
      journey (~> 1.0.4)
      rack (~> 1.4.5)
      rack-cache (~> 1.2)
      rack-test (~> 0.6.1)
      sprockets (~> 2.2.1)
    active_utils (1.0.5)
      activesupport (>= 2.3.11)
      i18n
    activemerchant (1.32.1)
      active_utils (>= 1.0.2)
      activesupport (>= 2.3.14)
      builder (>= 2.0.0)
      i18n
      json (>= 1.5.1)
      money
      nokogiri
    activemodel (3.2.13)
      activesupport (= 3.2.13)
      builder (~> 3.0.0)
    activerecord (3.2.13)
      activemodel (= 3.2.13)
      activesupport (= 3.2.13)
      arel (~> 3.0.2)
      tzinfo (~> 0.3.29)
    activeresource (3.2.13)
      activemodel (= 3.2.13)
      activesupport (= 3.2.13)
    activesupport (3.2.13)
      i18n (= 0.6.1)
      multi_json (~> 1.0)
    acts_as_list (0.1.9)
    addressable (2.3.4)
    arel (3.0.2)
    awesome_nested_set (2.1.5)
      activerecord (>= 3.0.0)
    aws-sdk (1.3.9)
      httparty (~> 0.7)
      json (~> 1.4)
      nokogiri (>= 1.4.4)
      uuidtools (~> 2.1)
    builder (3.0.4)
    cancan (1.6.8)
    capybara (1.1.4)
      mime-types (>= 1.16)
      nokogiri (>= 1.3.3)
      rack (>= 1.0.0)
      rack-test (>= 0.5.4)
      selenium-webdriver (~> 2.0)
      xpath (~> 0.1.4)
    childprocess (0.3.9)
      ffi (~> 1.0, >= 1.0.11)
    climate_control (0.0.3)
      activesupport (>= 3.0)
    cocaine (0.5.1)
      climate_control (>= 0.0.3, < 1.0)
    coderay (1.0.9)
    coffee-rails (3.2.2)
      coffee-script (>= 2.2.0)
      railties (~> 3.2.0)
    coffee-script (2.2.0)
      coffee-script-source
      execjs
    coffee-script-source (1.6.2)
    crack (0.3.2)
    database_cleaner (0.7.1)
    deface (0.9.1)
      nokogiri (~> 1.5.0)
      rails (~> 3.1)
    diff-lcs (1.2.4)
    email_spec (1.4.0)
      launchy (~> 2.1)
      mail (~> 2.2)
    erubis (2.7.0)
    execjs (1.4.0)
      multi_json (~> 1.0)
    factory_girl (4.2.0)
      activesupport (>= 3.0.0)
    factory_girl_rails (4.2.1)
      factory_girl (~> 4.2.0)
      railties (>= 3.0.0)
    ffaker (1.15.0)
    ffi (1.8.1-x86-mingw32)
    highline (1.6.18)
    hike (1.2.2)
    httparty (0.9.0)
      multi_json (~> 1.0)
      multi_xml
    i18n (0.6.1)
    journey (1.0.4)
    jquery-rails (2.2.1)
      railties (>= 3.0, < 5.0)
      thor (>= 0.14, < 2.0)
    json (1.7.7)
    kaminari (0.13.0)
      actionpack (>= 3.0.0)
      activesupport (>= 3.0.0)
      railties (>= 3.0.0)
    launchy (2.3.0)
      addressable (~> 2.3)
    mail (2.5.3)
      i18n (>= 0.4.0)
      mime-types (~> 1.16)
      treetop (~> 1.4.8)
    method_source (0.8.1)
    mime-types (1.23)
    money (5.1.1)
      i18n (~> 0.6.0)
    multi_json (1.7.2)
    multi_xml (0.5.3)
    mysql2 (0.3.11-x86-mingw32)
    nokogiri (1.5.9-x86-mingw32)
    paperclip (2.8.0)
      activerecord (>= 2.3.0)
      activesupport (>= 2.3.2)
      cocaine (>= 0.0.2)
      mime-types
    pg (0.15.1-x86-mingw32)
    polyamorous (0.5.0)
      activerecord (~> 3.0)
    polyglot (0.3.3)
    pry (0.9.12.1-x86-mingw32)
      coderay (~> 1.0.5)
      method_source (~> 0.8)
      slop (~> 3.4)
      win32console (~> 1.3)
    rabl (0.7.2)
      activesupport (>= 2.3.14)
      multi_json (~> 1.0)
    rack (1.4.5)
    rack-cache (1.2)
      rack (>= 0.4)
    rack-ssl (1.3.3)
      rack
    rack-test (0.6.2)
      rack (>= 1.0)
    rails (3.2.13)
      actionmailer (= 3.2.13)
      actionpack (= 3.2.13)
      activerecord (= 3.2.13)
      activeresource (= 3.2.13)
      activesupport (= 3.2.13)
      bundler (~> 1.0)
      railties (= 3.2.13)
    railties (3.2.13)
      actionpack (= 3.2.13)
      activesupport (= 3.2.13)
      rack-ssl (~> 1.3.2)
      rake (>= 0.8.7)
      rdoc (~> 3.4)
      thor (>= 0.14.6, < 2.0)
    rake (10.0.4)
    ransack (0.7.2)
      actionpack (~> 3.0)
      activerecord (~> 3.0)
      polyamorous (~> 0.5.0)
    rdoc (3.12.2)
      json (~> 1.4)
    rspec-core (2.13.1)
    rspec-expectations (2.13.0)
      diff-lcs (>= 1.1.3, < 2.0)
    rspec-mocks (2.13.1)
    rspec-rails (2.13.1)
      actionpack (>= 3.0)
      activesupport (>= 3.0)
      railties (>= 3.0)
      rspec-core (~> 2.13.0)
      rspec-expectations (~> 2.13.0)
      rspec-mocks (~> 2.13.0)
    rubyzip (0.9.9)
    sass (3.2.8)
    sass-rails (3.2.6)
      railties (~> 3.2.0)
      sass (>= 3.1.10)
      tilt (~> 1.3)
    select2-rails (3.3.1)
      sass-rails (>= 3.2)
      thor (~> 0.14)
    selenium-webdriver (2.32.0)
      childprocess (>= 0.2.5)
      multi_json (~> 1.0)
      rubyzip
      websocket (~> 1.0.4)
    simplecov (0.7.1)
      multi_json (~> 1.0)
      simplecov-html (~> 0.7.1)
    simplecov-html (0.7.1)
    slop (3.4.4)
    sprockets (2.2.2)
      hike (~> 1.2)
      multi_json (~> 1.0)
      rack (~> 1.0)
      tilt (~> 1.1, != 1.3.0)
    sqlite3 (1.3.7-x86-mingw32)
    state_machine (1.2.0)
    stringex (1.3.3)
    thor (0.18.1)
    tilt (1.4.0)
    treetop (1.4.12)
      polyglot
      polyglot (>= 0.3.1)
    truncate_html (0.9.2)
    tzinfo (0.3.37)
    uuidtools (2.1.4)
    versioncake (0.4.0)
      actionpack (>= 3.0)
      activesupport (>= 3.0)
      railties (>= 3.0)
    webmock (1.8.11)
      addressable (>= 2.2.7)
      crack (>= 0.1.7)
    websocket (1.0.7)
    win32console (1.3.2-x86-mingw32)
    xpath (0.1.4)
      nokogiri (~> 1.3)

PLATFORMS
  x86-mingw32

DEPENDENCIES
  capybara (~> 1.1)
  coffee-rails (~> 3.2)
  database_cleaner (= 0.7.1)
  email_spec (= 1.4.0)
  factory_girl_rails (~> 4.2.1)
  ffaker
  json
  launchy
  multi_json
  mysql2
  pg
  pry
  rspec-rails (~> 2.13.0)
  sass-rails (~> 3.2)
  selenium-webdriver (= 2.32.0)
  simplecov
  spree!
  sqlite3
  webmock (= 1.8.11)
